GEM
  remote: https://rubygems.org/
  specs:
    coderay (1.1.0)
    coreaudio (0.0.11)
      narray (~> 0.6.0.0)
    diff-lcs (1.2.5)
    fftw3 (0.3)
      narray
    method_source (0.8.2)
    narray (0.6.0.9)
    pry (0.10.1)
      coderay (~> 1.1.0)
      method_source (~> 0.8.1)
      slop (~> 3.4)
    rspec (3.2.0)
      rspec-core (~> 3.2.0)
      rspec-expectations (~> 3.2.0)
      rspec-mocks (~> 3.2.0)
    rspec-core (3.2.3)
      rspec-support (~> 3.2.0)
    rspec-expectations (3.2.1)
      diff-lcs (>= 1.2.0, < 2.0)
      rspec-support (~> 3.2.0)
    rspec-mocks (3.2.1)
      diff-lcs (>= 1.2.0, < 2.0)
      rspec-support (~> 3.2.0)
    rspec-support (3.2.2)
    slop (3.6.0)

PLATFORMS
  ruby

DEPENDENCIES
  coreaudio
  fftw3
  pry
  rspec

BUNDLED WITH
   1.10.2
