GEM
  remote: https://rubygems.org/
  specs:
    coderay (1.1.0)
    coreaudio (0.0.11)
      narray (~> 0.6.0.0)
    method_source (0.8.2)
    narray (0.6.0.9)
    pry (0.10.1)
      coderay (~> 1.1.0)
      method_source (~> 0.8.1)
      slop (~> 3.4)
    slop (3.6.0)

PLATFORMS
  ruby

DEPENDENCIES
  coreaudio
  pry

BUNDLED WITH
   1.10.2
